GEM
  remote: https://rubygems.org/
  specs:
    dotenv (3.1.0)
    securerandom (0.3.1)
    yaml (0.3.0)

PLATFORMS
  ruby
  x86_64-linux

DEPENDENCIES
  dotenv (~> 3.1)
  securerandom (~> 0.3.1)
  yaml (~> 0.3.0)

BUNDLED WITH
   2.5.9
