PATH
  remote: .
  specs:
    single_server_deploy (0.3.5)
      dotenv (~> 3.1)
      securerandom (~> 0.3.1)
      yaml (~> 0.3.0)

GEM
  remote: https://rubygems.org/
  specs:
    ast (2.4.2)
    dotenv (3.1.4)
    json (2.9.0)
    language_server-protocol (3.17.0.3)
    parallel (1.26.3)
    parser (3.3.6.0)
      ast (~> 2.4.1)
      racc
    prism (0.29.0)
    racc (1.8.1)
    rainbow (3.1.1)
    regexp_parser (2.9.3)
    rexml (3.3.9)
    rubocop (1.63.5)
      json (~> 2.3)
      language_server-protocol (>= 3.17.0)
      parallel (~> 1.10)
      parser (>= 3.3.0.2)
      rainbow (>= 2.2.2, < 4.0)
      regexp_parser (>= 1.8, < 3.0)
      rexml (>= 3.2.5, < 4.0)
      rubocop-ast (>= 1.31.1, < 2.0)
      ruby-progressbar (~> 1.7)
      unicode-display_width (>= 2.4.0, < 3.0)
    rubocop-ast (1.36.2)
      parser (>= 3.3.1.0)
    ruby-lsp (0.16.7)
      language_server-protocol (~> 3.17.0)
      prism (>= 0.29.0, < 0.30)
      sorbet-runtime (>= 0.5.10782)
    ruby-progressbar (1.13.0)
    securerandom (0.3.2)
    sorbet-runtime (0.5.11672)
    unicode-display_width (2.6.0)
    yaml (0.3.0)

PLATFORMS
  ruby
  x86_64-linux

DEPENDENCIES
  rubocop (~> 1.63.4)
  ruby-lsp (~> 0.16.6)
  single_server_deploy!

BUNDLED WITH
   2.5.23
